GEM
  remote: https://rubygems.org/
  specs:
    hiredis (0.4.5)
    redis (3.0.2)

PLATFORMS
  ruby

DEPENDENCIES
  hiredis
  redis
